GEM
  remote: http://rubygems.org/
  specs:
    actioncable (5.1.2)
      actionpack (= 5.1.2)
      nio4r (~> 2.0)
      websocket-driver (~> 0.6.1)
    actionmailer (5.1.2)
      actionpack (= 5.1.2)
      actionview (= 5.1.2)
      activejob (= 5.1.2)
      mail (~> 2.5, >= 2.5.4)
      rails-dom-testing (~> 2.0)
    actionpack (5.1.2)
      actionview (= 5.1.2)
      activesupport (= 5.1.2)
      rack (~> 2.0)
      rack-test (~> 0.6.3)
      rails-dom-testing (~> 2.0)
      rails-html-sanitizer (~> 1.0, >= 1.0.2)
    actionview (5.1.2)
      activesupport (= 5.1.2)
      builder (~> 3.1)
      erubi (~> 1.4)
      rails-dom-testing (~> 2.0)
      rails-html-sanitizer (~> 1.0, >= 1.0.3)
    activejob (5.1.2)
      activesupport (= 5.1.2)
      globalid (>= 0.3.6)
    activemodel (5.1.2)
      activesupport (= 5.1.2)
    activerecord (5.1.2)
      activemodel (= 5.1.2)
      activesupport (= 5.1.2)
      arel (~> 8.0)
    activesupport (5.1.2)
      concurrent-ruby (~> 1.0, >= 1.0.2)
      i18n (~> 0.7)
      minitest (~> 5.1)
      tzinfo (~> 1.1)
    addressable (2.7.0)
      public_suffix (>= 2.0.2, < 5.0)
    akami (1.3.1)
      gyoku (>= 0.4.0)
      nokogiri
    arel (8.0.0)
    autoprefixer-rails (9.8.5)
      execjs
    aws-eventstream (1.1.0)
    aws-partitions (1.345.0)
    aws-sdk-core (3.104.3)
      aws-eventstream (~> 1, >= 1.0.2)
      aws-partitions (~> 1, >= 1.239.0)
      aws-sigv4 (~> 1.1)
      jmespath (~> 1.0)
    aws-sdk-kms (1.36.0)
      aws-sdk-core (~> 3, >= 3.99.0)
      aws-sigv4 (~> 1.1)
    aws-sdk-s3 (1.75.0)
      aws-sdk-core (~> 3, >= 3.104.1)
      aws-sdk-kms (~> 1)
      aws-sigv4 (~> 1.1)
    aws-sigv4 (1.2.1)
      aws-eventstream (~> 1, >= 1.0.2)
    bcrypt (3.1.15)
    bootstrap (4.0.0)
      autoprefixer-rails (>= 6.0.3)
      popper_js (>= 1.12.9, < 2)
      sass (>= 3.5.2)
    builder (3.2.4)
    cancancan (1.17.0)
    carrierwave (2.1.0)
      activemodel (>= 5.0.0)
      activesupport (>= 5.0.0)
      addressable (~> 2.6)
      image_processing (~> 1.1)
      mimemagic (>= 0.3.0)
      mini_mime (>= 0.1.3)
    coffee-rails (4.2.2)
      coffee-script (>= 2.2.0)
      railties (>= 4.0.0)
    coffee-script (2.4.1)
      coffee-script-source
      execjs
    coffee-script-source (1.12.2)
    concurrent-ruby (1.1.6)
    crass (1.0.6)
    daemons (1.3.1)
    delayed_job (4.1.8)
      activesupport (>= 3.0, < 6.1)
    delayed_job_active_record (4.1.4)
      activerecord (>= 3.0, < 6.1)
      delayed_job (>= 3.0, < 5)
    devise (4.7.2)
      bcrypt (~> 3.0)
      orm_adapter (~> 0.1)
      railties (>= 4.1.0)
      responders
      warden (~> 1.2.3)
    domain_name (0.5.20190701)
      unf (>= 0.0.5, < 1.0.0)
    erubi (1.9.0)
    erubis (2.7.0)
    eventmachine (1.2.7)
    excon (0.75.0)
    execjs (2.7.0)
    faraday (0.17.3)
      multipart-post (>= 1.2, < 3)
    fastercsv (1.5.5)
    ffi (1.13.1)
    figaro (1.2.0)
      thor (>= 0.14.0, < 2)
    fog-aws (3.6.6)
      fog-core (~> 2.1)
      fog-json (~> 1.1)
      fog-xml (~> 0.1)
      ipaddress (~> 0.8)
    fog-core (2.2.0)
      builder
      excon (~> 0.71)
      formatador (~> 0.2)
      mime-types
    fog-json (1.2.0)
      fog-core
      multi_json (~> 1.10)
    fog-xml (0.1.3)
      fog-core
      nokogiri (>= 1.5.11, < 2.0.0)
    formatador (0.2.5)
    friendly_id (5.3.0)
      activerecord (>= 4.0.0)
    globalid (0.4.2)
      activesupport (>= 4.2.0)
    gyoku (1.3.1)
      builder (>= 2.1.2)
    hashie (4.1.0)
    heroics (0.1.1)
      erubis (~> 2.0)
      excon
      moneta
      multi_json (>= 1.9.2)
    httmultiparty (0.3.16)
      httparty (>= 0.7.3)
      mimemagic
      multipart-post
    http-accept (1.7.0)
    http-cookie (1.0.3)
      domain_name (~> 0.5)
    httparty (0.16.2)
      multi_xml (>= 0.5.2)
    httpi (2.4.5)
      rack
      socksify
    i18n (0.9.5)
      concurrent-ruby (~> 1.0)
    image_processing (1.11.0)
      mini_magick (>= 4.9.5, < 5)
      ruby-vips (>= 2.0.17, < 3)
    ipaddress (0.8.3)
    jmespath (1.4.0)
    jquery-fileupload-rails (0.4.7)
      actionpack (>= 3.1)
      railties (>= 3.1)
      sass (>= 3.2)
    jquery-rails (4.4.0)
      rails-dom-testing (>= 1, < 3)
      railties (>= 4.2.0)
      thor (>= 0.14, < 2.0)
    jquery-ui-rails (6.0.1)
      railties (>= 3.2.16)
    json (2.3.1)
    jwt (2.2.1)
    koala (3.0.0)
      addressable
      faraday
      json (>= 1.8)
    lograge (0.11.2)
      actionpack (>= 4)
      activesupport (>= 4)
      railties (>= 4)
      request_store (~> 1.0)
    loofah (2.6.0)
      crass (~> 1.0.2)
      nokogiri (>= 1.5.9)
    macaddr (1.7.2)
      systemu (~> 2.6.5)
    mail (2.7.1)
      mini_mime (>= 0.1.1)
    method_source (1.0.0)
    mime-types (1.25.1)
    mimemagic (0.4.3)
      nokogiri (~> 1)
      rake
    mini_magick (4.10.1)
    mini_mime (1.0.2)
    mini_portile2 (2.4.0)
    minitest (5.14.1)
    moneta (1.0.0)
    money (6.13.8)
      i18n (>= 0.6.4, <= 2)
    multi_json (1.15.0)
    multi_xml (0.6.0)
    multipart-post (2.1.1)
    narray (0.6.1.2)
    netrc (0.11.0)
    newrelic_rpm (6.12.0.367)
    nio4r (2.5.2)
    nokogiri (1.10.10)
      mini_portile2 (~> 2.4.0)
    nori (2.6.0)
    oauth2 (1.4.4)
      faraday (>= 0.8, < 2.0)
      jwt (>= 1.0, < 3.0)
      multi_json (~> 1.3)
      multi_xml (~> 0.5)
      rack (>= 1.2, < 3)
    omniauth (1.9.1)
      hashie (>= 3.4.6)
      rack (>= 1.6.2, < 3)
    omniauth-oauth2 (1.6.0)
      oauth2 (~> 1.1)
      omniauth (~> 1.9)
    omniauth-stripe-connect (2.10.1)
      omniauth (~> 1.3)
      omniauth-oauth2 (~> 1.4)
    orm_adapter (0.5.0)
    pagy (3.8.3)
    pg (0.20.0)
    platform-api (3.0.0)
      heroics (~> 0.1.1)
      moneta (~> 1.0.0)
      rate_throttle_client (~> 0.1.0)
    polylines (0.3.0)
    popper_js (1.16.0)
    public_suffix (4.0.5)
    rack (2.2.3)
    rack-test (0.6.3)
      rack (>= 1.0)
    rails (5.1.2)
      actioncable (= 5.1.2)
      actionmailer (= 5.1.2)
      actionpack (= 5.1.2)
      actionview (= 5.1.2)
      activejob (= 5.1.2)
      activemodel (= 5.1.2)
      activerecord (= 5.1.2)
      activesupport (= 5.1.2)
      bundler (>= 1.3.0, < 2.0)
      railties (= 5.1.2)
      sprockets-rails (>= 2.0.0)
    rails-dom-testing (2.0.3)
      activesupport (>= 4.2.0)
      nokogiri (>= 1.6)
    rails-html-sanitizer (1.3.0)
      loofah (~> 2.3)
    rails_12factor (0.0.3)
      rails_serve_static_assets
      rails_stdout_logging
    rails_serve_static_assets (0.0.5)
    rails_stdout_logging (0.0.5)
    railties (5.1.2)
      actionpack (= 5.1.2)
      activesupport (= 5.1.2)
      method_source
      rake (>= 0.8.7)
      thor (>= 0.18.1, < 2.0)
    rake (13.0.1)
    rate_throttle_client (0.1.2)
    rb-fsevent (0.10.4)
    rb-inotify (0.10.1)
      ffi (~> 1.0)
    request_store (1.5.0)
      rack (>= 1.4)
    responders (2.4.1)
      actionpack (>= 4.2.0, < 6.0)
      railties (>= 4.2.0, < 6.0)
    rest-client (2.1.0)
      http-accept (>= 1.7.0, < 2.0)
      http-cookie (>= 1.0.2, < 2.0)
      mime-types (>= 1.16, < 4.0)
      netrc (~> 0.8)
    rolify (5.3.0)
    ruby-vips (2.0.17)
      ffi (~> 1.9)
    rush (0.6.8)
      session
    s3_direct_upload (0.1.7)
      coffee-rails (>= 3.1)
      jquery-fileupload-rails (~> 0.4.1)
      rails (>= 3.1)
      sass-rails (>= 3.1)
    sass (3.7.4)
      sass-listen (~> 4.0.0)
    sass-listen (4.0.0)
      rb-fsevent (~> 0.9, >= 0.9.4)
      rb-inotify (~> 0.9, >= 0.9.7)
    sass-rails (6.0.0)
      sassc-rails (~> 2.1, >= 2.1.1)
    sassc (2.4.0)
      ffi (~> 1.9)
    sassc-rails (2.1.2)
      railties (>= 4.0.0)
      sassc (>= 2.0)
      sprockets (> 3.0)
      sprockets-rails
      tilt
    savon (2.8.1)
      akami (~> 1.2)
      builder (>= 2.1.2)
      gyoku (~> 1.2)
      httpi (~> 2.3)
      nokogiri (>= 1.4.0)
      nori (~> 2.4)
      uuid (~> 2.3.7)
      wasabi (= 3.3.0)
    session (3.2.0)
    simple_form (5.0.2)
      actionpack (>= 5.0)
      activemodel (>= 5.0)
    sitemap_generator (6.1.2)
      builder (~> 3.0)
    social-share-button (1.2.3)
      coffee-rails
    socksify (1.7.1)
    spinjs-rails (1.4)
      rails (>= 3.1)
    sprockets (3.7.2)
      concurrent-ruby (~> 1.0)
      rack (> 1, < 3)
    sprockets-rails (3.2.1)
      actionpack (>= 4.0)
      activesupport (>= 4.0)
      sprockets (>= 3.0.0)
    stripe (3.30.0)
      faraday (~> 0.10)
    stripe_event (2.3.1)
      activesupport (>= 3.1)
      stripe (>= 2.8, < 6)
    switch_user (1.5.2)
    systemu (2.6.5)
    thor (1.0.1)
    thread_safe (0.3.6)
    tilt (2.0.10)
    tzinfo (1.2.7)
      thread_safe (~> 0.1)
    tzinfo-data (1.2020.1)
      tzinfo (>= 1.0.0)
    uglifier (4.2.0)
      execjs (>= 0.3.0, < 3)
    unf (0.1.4)
      unf_ext
    unf_ext (0.0.7.7)
    uuid (2.3.9)
      macaddr (~> 1.0)
    warden (1.2.8)
      rack (>= 2.0.6)
    wasabi (3.3.0)
      httpi (~> 2.0)
      mime-types (< 2.0.0)
      nokogiri (>= 1.4.0)
    websocket-driver (0.6.5)
      websocket-extensions (>= 0.1.0)
    websocket-extensions (0.1.5)
    workless_revived (2.0.1)
      delayed_job (>= 2.0.7)
      platform-api
      rails
      rush

PLATFORMS
  ruby

DEPENDENCIES
  actioncable (= 5.1.2)
  actionmailer (= 5.1.2)
  actionpack (= 5.1.2)
  actionview (= 5.1.2)
  activejob (= 5.1.2)
  activemodel (= 5.1.2)
  activerecord (= 5.1.2)
  activesupport (= 5.1.2)
  addressable (= 2.7.0)
  akami (= 1.3.1)
  arel (= 8.0.0)
  autoprefixer-rails (= 9.8.5)
  aws-eventstream (= 1.1.0)
  aws-partitions (= 1.345.0)
  aws-sdk-core (= 3.104.3)
  aws-sdk-kms (= 1.36.0)
  aws-sdk-s3 (= 1.75.0)
  aws-sigv4 (= 1.2.1)
  bcrypt (= 3.1.15)
  bootstrap (= 4.0.0)
  builder (= 3.2.4)
  cancancan (= 1.17.0)
  carrierwave (= 2.1.0)
  coffee-rails (= 4.2.2)
  coffee-script (= 2.4.1)
  coffee-script-source (= 1.12.2)
  concurrent-ruby (= 1.1.6)
  crass (= 1.0.6)
  daemons (= 1.3.1)
  delayed_job (= 4.1.8)
  delayed_job_active_record (= 4.1.4)
  devise (= 4.7.2)
  domain_name (= 0.5.20190701)
  erubi (= 1.9.0)
  erubis (= 2.7.0)
  eventmachine (= 1.2.7)
  excon (= 0.75.0)
  execjs (= 2.7.0)
  faraday (= 0.17.3)
  fastercsv (= 1.5.5)
  ffi (= 1.13.1)
  figaro (= 1.2.0)
  fog-aws (= 3.6.6)
  fog-core (= 2.2.0)
  fog-json (= 1.2.0)
  fog-xml (= 0.1.3)
  formatador (= 0.2.5)
  friendly_id (= 5.3.0)
  globalid (= 0.4.2)
  gyoku (= 1.3.1)
  hashie (= 4.1.0)
  heroics (= 0.1.1)
  httmultiparty (= 0.3.16)
  http-accept (= 1.7.0)
  http-cookie (= 1.0.3)
  httparty (= 0.16.2)
  httpi (= 2.4.5)
  i18n (= 0.9.5)
  image_processing (= 1.11.0)
  ipaddress (= 0.8.3)
  jmespath (= 1.4.0)
  jquery-fileupload-rails (= 0.4.7)
  jquery-rails (= 4.4.0)
  jquery-ui-rails (= 6.0.1)
  json (= 2.3.1)
  jwt (= 2.2.1)
  koala (= 3.0.0)
  lograge (= 0.11.2)
  loofah (= 2.6.0)
  macaddr (= 1.7.2)
  mail (= 2.7.1)
  method_source (= 1.0.0)
  mime-types (= 1.25.1)
  mini_magick (= 4.10.1)
  mini_mime (= 1.0.2)
  mini_portile2 (= 2.4.0)
  minitest (= 5.14.1)
  moneta (= 1.0.0)
  money (= 6.13.8)
  multi_json (= 1.15.0)
  multi_xml (= 0.6.0)
  multipart-post (= 2.1.1)
  narray (= 0.6.1.2)
  netrc (= 0.11.0)
  newrelic_rpm (= 6.12.0.367)
  nio4r (= 2.5.2)
  nokogiri (= 1.10.10)
  nori (= 2.6.0)
  oauth2 (= 1.4.4)
  omniauth (= 1.9.1)
  omniauth-oauth2 (= 1.6.0)
  omniauth-stripe-connect (= 2.10.1)
  orm_adapter (= 0.5.0)
  pagy (= 3.8.3)
  pg (= 0.20.0)
  platform-api (= 3.0.0)
  polylines (= 0.3.0)
  popper_js (= 1.16.0)
  public_suffix (= 4.0.5)
  rack (= 2.2.3)
  rack-test (= 0.6.3)
  rails (= 5.1.2)
  rails-dom-testing (= 2.0.3)
  rails-html-sanitizer (= 1.3.0)
  rails_12factor (= 0.0.3)
  rails_serve_static_assets (= 0.0.5)
  rails_stdout_logging (= 0.0.5)
  railties (= 5.1.2)
  rake (= 13.0.1)
  rate_throttle_client (= 0.1.2)
  rb-fsevent (= 0.10.4)
  rb-inotify (= 0.10.1)
  request_store (= 1.5.0)
  responders (= 2.4.1)
  rest-client (= 2.1.0)
  rolify (= 5.3.0)
  ruby-vips (= 2.0.17)
  rush (= 0.6.8)
  s3_direct_upload (= 0.1.7)
  sass (= 3.7.4)
  sass-listen (= 4.0.0)
  sass-rails (= 6.0.0)
  sassc (= 2.4.0)
  sassc-rails (= 2.1.2)
  savon (= 2.8.1)
  session (= 3.2.0)
  simple_form (= 5.0.2)
  sitemap_generator (= 6.1.2)
  social-share-button (= 1.2.3)
  socksify (= 1.7.1)
  spinjs-rails (= 1.4)
  sprockets (= 3.7.2)
  sprockets-rails (= 3.2.1)
  stripe (= 3.30.0)
  stripe_event (= 2.3.1)
  switch_user (= 1.5.2)
  systemu (= 2.6.5)
  thor (= 1.0.1)
  thread_safe (= 0.3.6)
  tilt (= 2.0.10)
  tzinfo (= 1.2.7)
  tzinfo-data (= 1.2020.1)
  uglifier (= 4.2.0)
  unf (= 0.1.4)
  unf_ext (= 0.0.7.7)
  uuid (= 2.3.9)
  warden (= 1.2.8)
  wasabi (= 3.3.0)
  websocket-driver (= 0.6.5)
  websocket-extensions (= 0.1.5)
  workless_revived (= 2.0.1)

RUBY VERSION
   ruby 2.5.8p224

BUNDLED WITH
   1.17.3
